GEM
  remote: https://rubygems.org/
  specs:
    awesome_print (1.9.2)
    base64 (0.2.0)
    faraday (2.12.2)
      faraday-net_http (>= 2.0, < 3.5)
      json
      logger
    faraday-mashify (1.0.0)
      faraday (~> 2.0)
      hashie
    faraday-multipart (1.1.0)
      multipart-post (~> 2.0)
    faraday-net_http (3.4.0)
      net-http (>= 0.5.0)
    hashie (5.0.0)
    json (2.10.2)
    logger (1.7.0)
    moneta (1.6.0)
    multipart-post (2.4.1)
    mustermann (3.0.3)
      ruby2_keywords (~> 0.0.1)
    net-http (0.6.0)
      uri
    nio4r (2.7.4)
    notion-ruby-client (1.2.2)
      faraday (>= 2.0)
      faraday-mashify (>= 0.1.1)
      faraday-multipart (>= 1.0.4)
      hashie (~> 5)
    pastel (0.8.0)
      tty-color (~> 0.5)
    pdfkit (0.8.7.3)
    puma (6.6.0)
      nio4r (~> 2.0)
    rack (3.1.12)
    rack-protection (4.1.1)
      base64 (>= 0.1.0)
      logger (>= 1.6.0)
      rack (>= 3.0.0, < 4)
    rack-session (2.1.0)
      base64 (>= 0.1.0)
      rack (>= 3.0.0)
    rackup (2.2.1)
      rack (>= 3)
    ruby2_keywords (0.0.5)
    sinatra (4.1.1)
      logger (>= 1.6.0)
      mustermann (~> 3.0)
      rack (>= 3.0.0, < 4)
      rack-protection (= 4.1.1)
      rack-session (>= 2.0.0, < 3)
      tilt (~> 2.0)
    tilt (2.6.0)
    tty-color (0.6.0)
    tty-cursor (0.7.1)
    tty-prompt (0.23.1)
      pastel (~> 0.8)
      tty-reader (~> 0.8)
    tty-reader (0.9.0)
      tty-cursor (~> 0.7)
      tty-screen (~> 0.8)
      wisper (~> 2.0)
    tty-screen (0.8.2)
    tty-spinner (0.9.3)
      tty-cursor (~> 0.7)
    uri (1.0.3)
    wisper (2.0.1)
    wkhtmltopdf-binary (0.12.6.8)

PLATFORMS
  arm64-darwin-24
  x86_64-darwin-21
  x86_64-darwin-22
  x86_64-linux

DEPENDENCIES
  awesome_print
  faraday
  moneta
  notion-ruby-client
  pdfkit
  puma
  rackup (~> 2.1)
  sinatra
  tty-prompt
  tty-spinner
  wkhtmltopdf-binary

BUNDLED WITH
   2.4.10
